GIT
  remote: http://github.com/datamapper/dm-core.git
  revision: 89fc6eca3a198468617db6f77d8d157f6a013c52
  specs:
    dm-core (1.0.2)
      addressable (~> 2.2)
      extlib (~> 0.9.15)

GIT
  remote: http://github.com/datamapper/dm-migrations.git
  revision: a6ef38db64449a8f7594f116fecaa9b90313a249
  specs:
    dm-migrations (1.0.2)
      dm-core (~> 1.0.2)

GEM
  remote: http://rubygems.org/
  specs:
    activesupport (3.0.0)
    addressable (2.2.2)
    diff-lcs (1.1.2)
    extlib (0.9.15)
    ore (0.2.3)
      thor (~> 0.14.3)
    ore-tasks (0.1.3)
    rake (0.8.7)
    rdiscount (1.6.5)
    rspec (2.0.1)
      rspec-core (~> 2.0.1)
      rspec-expectations (~> 2.0.1)
      rspec-mocks (~> 2.0.1)
    rspec-core (2.0.1)
    rspec-expectations (2.0.1)
      diff-lcs (>= 1.1.2)
    rspec-mocks (2.0.1)
      rspec-core (~> 2.0.1)
      rspec-expectations (~> 2.0.1)
    thor (0.14.4)
    yard (0.6.0)

PLATFORMS
  ruby

DEPENDENCIES
  activesupport (~> 3.0.0)
  dm-core (~> 1.0.0)!
  dm-migrations (~> 1.0.0)!
  ore (~> 0.2.0)
  ore-tasks (~> 0.1.2)
  rake (~> 0.8.7)
  rdiscount (~> 1.6.3)
  rspec (~> 2.0.0)
  yard (~> 0.6.0)
